GEM
  remote: https://rubygems.org/
  specs:
    activesupport (4.2.7.1)
      i18n (~> 0.7)
      json (~> 1.7, >= 1.7.7)
      minitest (~> 5.1)
      thread_safe (~> 0.3, >= 0.3.4)
      tzinfo (~> 1.1)
    httpclient (2.8.2.4)
    i18n (0.7.0)
    json (1.8.3-java)
    lock_jar (0.15.2)
      naether (~> 0.15.0)
      thor (>= 0.18.1)
    minitest (5.9.1)
    naether (0.15.1-java)
      httpclient
    scalpel (0.2.1)
    thor (0.19.1)
    thread_safe (0.3.5-java)
    tzinfo (1.2.2)
      thread_safe (~> 0.1)
    weka (0.3.0-java)
      activesupport (~> 4.0)
      lock_jar (~> 0.13)

PLATFORMS
  java

DEPENDENCIES
  scalpel
  weka

RUBY VERSION
   ruby 2.3.1p0 (jruby 9.1.5.0)

BUNDLED WITH
   1.13.2
